GEM
  remote: https://rubygems.org/
  specs:
    autoprefixer-rails (5.2.1.2)
      execjs
      json
    bootstrap-sass (3.3.5.1)
      autoprefixer-rails (>= 5.0.0.1)
      sass (>= 3.3.0)
    chunky_png (1.3.4)
    compass (1.0.3)
      chunky_png (~> 1.2)
      compass-core (~> 1.0.2)
      compass-import-once (~> 1.0.5)
      rb-fsevent (>= 0.9.3)
      rb-inotify (>= 0.9)
      sass (>= 3.3.13, < 3.5)
    compass-core (1.0.3)
      multi_json (~> 1.0)
      sass (>= 3.3.0, < 3.5)
    compass-import-once (1.0.5)
      sass (>= 3.2, < 3.5)
    execjs (2.6.0)
    ffi (1.9.10)
    json (1.8.3)
    multi_json (1.11.2)
    rb-fsevent (0.9.5)
    rb-inotify (0.9.5)
      ffi (>= 0.5.0)
    sass (3.4.16)

PLATFORMS
  ruby

DEPENDENCIES
  bootstrap-sass
  compass
